GEM
  remote: https://gems.ruby-china.org/
  specs:
    sass (3.4.5)

PLATFORMS
  ruby

DEPENDENCIES
  sass (>= 3.4.0)

BUNDLED WITH
   1.15.1
